GEM
  remote: https://rubygems.org/
  specs:
    base64 (0.3.0)
    line-bot-api (2.4.0)
      base64 (~> 0.2)
      multipart-post (~> 2.4)
    logger (1.7.0)
    multipart-post (2.4.1)
    mustermann (3.0.4)
      ruby2_keywords (~> 0.0.1)
    rack (3.2.3)
    rack-protection (4.2.1)
      base64 (>= 0.1.0)
      logger (>= 1.6.0)
      rack (>= 3.0.0, < 4)
    rack-session (2.1.1)
      base64 (>= 0.1.0)
      rack (>= 3.0.0)
    ruby2_keywords (0.0.5)
    sinatra (4.2.1)
      logger (>= 1.6.0)
      mustermann (~> 3.0)
      rack (>= 3.0.0, < 4)
      rack-protection (= 4.2.1)
      rack-session (>= 2.0.0, < 3)
      tilt (~> 2.0)
    tilt (2.6.1)

PLATFORMS
  ruby

DEPENDENCIES
  line-bot-api
  sinatra

BUNDLED WITH
   2.7.2
